PATH
  remote: .
  specs:
    ruboty-trello_cleaner (0.1.0)

GEM
  remote: https://rubygems.org/
  specs:
    rake (10.5.0)

PLATFORMS
  ruby

DEPENDENCIES
  bundler (~> 1.16)
  rake (~> 10.0)
  ruboty-trello_cleaner!

BUNDLED WITH
   1.16.1
