PATH
  remote: .
  specs:
    ruboty-trello_cleaner (0.1.0)
      ruboty

GEM
  remote: https://rubygems.org/
  specs:
    activesupport (5.2.0)
      concurrent-ruby (~> 1.0, >= 1.0.2)
      i18n (>= 0.7, < 2)
      minitest (~> 5.1)
      tzinfo (~> 1.1)
    concurrent-ruby (1.0.5)
    dotenv (2.3.0)
    i18n (1.0.1)
      concurrent-ruby (~> 1.0)
    mem (0.1.5)
    minitest (5.11.3)
    rake (10.5.0)
    ruboty (1.3.0)
      activesupport
      bundler
      dotenv
      mem
      slop
    slop (4.6.2)
    thread_safe (0.3.6)
    tzinfo (1.2.5)
      thread_safe (~> 0.1)

PLATFORMS
  ruby

DEPENDENCIES
  bundler (~> 1.16)
  rake (~> 10.0)
  ruboty-trello_cleaner!

BUNDLED WITH
   1.16.1
